GEM
  remote: http://rubygems.org/
  specs:
    json (1.8.3)

PLATFORMS
  x86-mingw32

DEPENDENCIES
  json
